GEM
  remote: https://rubygems.org/
  specs:
    json (2.5.1)
    minitest (5.14.4)

PLATFORMS
  aarch64-linux
  x86_64-linux

DEPENDENCIES
  json
  minitest

BUNDLED WITH
   2.2.3
